GEM
  remote: https://rubygems.org/
  specs:
    gitlab (4.2.0)
      httparty
      terminal-table
    gruff (0.7.0)
      rmagick (~> 2.13, >= 2.13.4)
    httparty (0.15.6)
      multi_xml (>= 0.5.2)
    multi_xml (0.6.0)
    rmagick (2.16.0)
    terminal-table (1.8.0)
      unicode-display_width (~> 1.1, >= 1.1.1)
    unicode-display_width (1.3.0)

PLATFORMS
  ruby

DEPENDENCIES
  gitlab
  gruff

BUNDLED WITH
   1.15.0
